GIT
  remote: https://github.com/todb-r7/cinch
  revision: f725a5ef42072627e11ea920fd675e635bd890eb
  specs:
    cinch (2.0.3)

GIT
  remote: https://github.com/todb-r7/simple-rss
  revision: 65e8129e10103e9d6a429959229dc3f9db90476c
  ref: 65e8129
  specs:
    simple-rss (1.2.3)

GEM
  remote: http://rubygems.org/
  specs:
    i18n (0.6.1)
    mail (2.5.3)
      i18n (>= 0.4.0)
      mime-types (~> 1.16)
      treetop (~> 1.4.8)
    mime-types (1.19)
    nokogiri (1.5.5)
    polyglot (0.3.3)
    treetop (1.4.12)
      polyglot
      polyglot (>= 0.3.1)

PLATFORMS
  ruby

DEPENDENCIES
  cinch!
  mail
  nokogiri
  simple-rss!
